GEM
  remote: https://rubygems.org/
  specs:
    mysql (2.9.1)
    mysql (2.9.1-x86-mingw32)
    net-ssh (2.6.6)
    net-ssh-gateway (1.2.0)
      net-ssh (>= 2.6.5)
    sequel (3.48.0)

PLATFORMS
  ruby
  x86-mingw32

DEPENDENCIES
  mysql
  net-ssh-gateway
  sequel
